PATH
  remote: .
  specs:
    ipecache (0.0.16)
      akamai-edgegrid (>= 1.0.7)
      app_conf (>= 0.4.0)
      aws-sdk-v1 (>= 1.0)
      choice (>= 0.1.6)
      faraday_middleware (>= 0.9.0)
      maxcdn (>= 0.2.1)
      public_suffix (>= 1.4.2)

GEM
  remote: https://rubygems.org/
  specs:
    addressable (2.7.0)
      public_suffix (>= 2.0.2, < 5.0)
    akamai-edgegrid (1.0.7)
      inifile (~> 3.0)
    app_conf (0.4.2)
    aws-sdk-v1 (1.67.0)
      json (~> 1.4)
      nokogiri (~> 1)
    choice (0.2.0)
    faraday (0.17.3)
      multipart-post (>= 1.2, < 3)
    faraday_middleware (0.14.0)
      faraday (>= 0.7.4, < 1.0)
    inifile (3.0.0)
    json (1.8.6)
    jwt (2.2.1)
    maxcdn (0.4.0)
      addressable (~> 2.4)
      faraday (~> 0.9)
      net-http-persistent (~> 2.9)
      signet (~> 0.7)
    mini_portile2 (2.4.0)
    multi_json (1.14.1)
    multipart-post (2.1.1)
    net-http-persistent (2.9.4)
    nokogiri (1.10.8)
      mini_portile2 (~> 2.4.0)
    public_suffix (4.0.3)
    signet (0.13.0)
      addressable (~> 2.3)
      faraday (>= 0.17.3, < 2.0)
      jwt (>= 1.5, < 3.0)
      multi_json (~> 1.10)

PLATFORMS
  ruby

DEPENDENCIES
  ipecache!

BUNDLED WITH
   1.10.6
