PATH
  remote: .
  specs:
    ipecache (0.0.16)
      akamai-edgegrid (>= 1.0.7)
      app_conf (>= 0.4.0)
      aws-sdk-v1 (>= 1.0)
      choice (>= 0.1.6)
      faraday_middleware (>= 0.9.0)
      maxcdn (>= 0.2.1)
      public_suffix (>= 1.4.2)

GEM
  remote: https://rubygems.org/
  specs:
    addressable (2.8.0)
      public_suffix (>= 2.0.2, < 5.0)
    akamai-edgegrid (1.0.7)
      inifile (~> 3.0)
    app_conf (0.4.2)
    aws-sdk-v1 (1.67.0)
      json (~> 1.4)
      nokogiri (~> 1)
    choice (0.2.0)
    curb (0.9.11)
    curb-fu (0.6.2)
      curb (>= 0.5.4.0)
      rack-test (>= 0.2.0)
    faraday (1.8.0)
      faraday-em_http (~> 1.0)
      faraday-em_synchrony (~> 1.0)
      faraday-excon (~> 1.1)
      faraday-httpclient (~> 1.0.1)
      faraday-net_http (~> 1.0)
      faraday-net_http_persistent (~> 1.1)
      faraday-patron (~> 1.0)
      faraday-rack (~> 1.0)
      multipart-post (>= 1.2, < 3)
      ruby2_keywords (>= 0.0.4)
    faraday-em_http (1.0.0)
    faraday-em_synchrony (1.0.0)
    faraday-excon (1.1.0)
    faraday-httpclient (1.0.1)
    faraday-net_http (1.0.1)
    faraday-net_http_persistent (1.2.0)
    faraday-patron (1.0.0)
    faraday-rack (1.0.0)
    faraday_middleware (1.1.0)
      faraday (~> 1.0)
    inifile (3.0.0)
    json (1.8.6)
    jwt (2.2.3)
    maxcdn (0.2.1)
      curb-fu (~> 0.6.2)
      signet (~> 0.5.1)
    mini_portile2 (2.6.1)
    multi_json (1.15.0)
    multipart-post (2.1.1)
    nokogiri (1.12.5)
      mini_portile2 (~> 2.6.1)
      racc (~> 1.4)
    public_suffix (4.0.6)
    racc (1.5.2)
    rack (2.2.3)
    rack-test (1.1.0)
      rack (>= 1.0, < 3)
    ruby2_keywords (0.0.5)
    signet (0.5.1)
      addressable (>= 2.2.3)
      faraday (>= 0.9.0.rc5)
      jwt (>= 0.1.5)
      multi_json (>= 1.0.0)

PLATFORMS
  ruby

DEPENDENCIES
  ipecache!

BUNDLED WITH
   1.10.6
